GEM
  remote: http://rubygems.org/
  specs:
    backports (3.3.1)
    rack (1.4.5)
    rake (10.0.4)
    rmagick (2.13.2)
    sinatra (1.2.9)
      backports
      rack (~> 1.1, < 1.5)
      tilt (>= 1.2.2, < 2.0)
    tilt (1.4.1)

PLATFORMS
  ruby

DEPENDENCIES
  bundler
  rake
  rmagick
  sinatra
