GEM
  remote: http://rubygems.org/
  specs:
    rack (1.5.2)
    rake (10.0.4)

PLATFORMS
  ruby

DEPENDENCIES
  rack
  rake
